GEM
  remote: http://rubygems.org/
  specs:
    chingu (0.8.1)
      crack
      gosu (>= 0.7.25)
      rest-client
    crack (0.3.1)
    cri (2.1.0)
    diff-lcs (1.1.3)
    faster_xml_simple (0.5.0)
      libxml-ruby (>= 0.3.8.4)
    gosu (0.7.41)
    httpclient (2.2.3)
    json (1.6.2)
    libxml-ruby (2.2.2)
    mime-types (1.17.2)
    net-github-upload (0.0.8)
      faster_xml_simple
      httpclient
      json
      nokogiri (>= 1.4.0)
    nokogiri (1.5.0)
    ocra (1.3.0)
    rake (0.9.2.2)
    releasy (0.2.2)
      cri (~> 2.1.0)
      net-github-upload (~> 0.0.8)
      ocra (~> 1.3.0)
      rake (~> 0.9.2.2)
      thor (~> 0.14.6)
    rest-client (1.6.7)
      mime-types (>= 1.16)
    rspec (2.7.0)
      rspec-core (~> 2.7.0)
      rspec-expectations (~> 2.7.0)
      rspec-mocks (~> 2.7.0)
    rspec-core (2.7.1)
    rspec-expectations (2.7.0)
      diff-lcs (~> 1.1.2)
    rspec-mocks (2.7.0)
    thor (0.14.6)

PLATFORMS
  ruby

DEPENDENCIES
  chingu
  rake
  releasy
  rspec
