GEM
  remote: http://rubygems.org/
  specs:
    actionpool (0.2.3)
      splib (~> 1.4)
    actiontimer (0.2.1)
      actionpool (~> 0.2.3)
      splib (~> 1.4)
    archive-tar-minitar (0.5.2)
    chingu (0.8.1)
      crack
      gosu (>= 0.7.25)
      rest-client
    columnize (0.3.6)
    crack (0.3.1)
    gosu (0.7.41)
    linecache19 (0.5.12)
      ruby_core_source (>= 0.1.4)
    mime-types (1.17.2)
    rest-client (1.6.7)
      mime-types (>= 1.16)
    ruby-debug-base19 (0.11.25)
      columnize (>= 0.3.1)
      linecache19 (>= 0.5.11)
      ruby_core_source (>= 0.1.4)
    ruby-debug19 (0.11.6)
      columnize (>= 0.3.1)
      linecache19 (>= 0.5.11)
      ruby-debug-base19 (>= 0.11.19)
    ruby_core_source (0.1.5)
      archive-tar-minitar (>= 0.5.2)
    splib (1.4.3)

PLATFORMS
  ruby

DEPENDENCIES
  actiontimer
  chingu
  ruby-debug19
